GEM
  remote: https://rubygems.org/
  specs:
    backports (2.6.4)
    bcrypt-ruby (3.0.1)
    bcrypt-ruby (3.0.1-x86-mingw32)
    childprocess (0.3.6)
      ffi (~> 1.0, >= 1.0.6)
    diff-lcs (1.1.3)
    eventmachine (1.0.0)
    eventmachine (1.0.0-x86-mingw32)
    ffi (1.1.5)
    ffi (1.1.5-x86-mingw32)
    haml (3.1.7)
    libwebsocket (0.1.6)
      websocket
    multi_json (1.3.7)
    nokogiri (1.5.5)
    nokogiri (1.5.5-x86-mingw32)
    parseconfig (1.0.2)
    rack (1.4.1)
    rack-protection (1.2.0)
      rack
    rack-test (0.6.2)
      rack (>= 1.0)
    rake (0.9.2.2)
    rcov (1.0.0)
    rdiscount (1.6.8)
    require_relative (1.0.3)
    rspec (2.11.0)
      rspec-core (~> 2.11.0)
      rspec-expectations (~> 2.11.0)
      rspec-mocks (~> 2.11.0)
    rspec-core (2.11.1)
    rspec-expectations (2.11.3)
      diff-lcs (~> 1.1.3)
    rspec-mocks (2.11.3)
    rubyzip (0.9.9)
    rufus-scheduler (2.0.17)
      tzinfo (>= 0.3.23)
    selenium-webdriver (2.26.0)
      childprocess (>= 0.2.5)
      libwebsocket (~> 0.1.3)
      multi_json (~> 1.0)
      rubyzip
    sinatra (1.3.3)
      rack (~> 1.3, >= 1.3.6)
      rack-protection (~> 1.2)
      tilt (~> 1.3, >= 1.3.3)
    sinatra-contrib (1.3.1)
      backports (>= 2.0)
      eventmachine
      rack-protection
      rack-test
      sinatra (~> 1.3.0)
      tilt (~> 1.3)
    tilt (1.3.3)
    tlsmail (0.0.1)
    tzinfo (0.3.35)
    websocket (1.0.3)

PLATFORMS
  ruby
  x86-mingw32

DEPENDENCIES
  bcrypt-ruby
  haml
  nokogiri
  parseconfig
  rake
  rcov
  rdiscount
  require_relative
  rspec
  rufus-scheduler
  selenium-webdriver
  sinatra
  sinatra-contrib
  tlsmail
