GEM
  remote: https://rubygems.org/
  specs:
    backports (2.6.5)
    bcrypt-ruby (3.0.1)
    diff-lcs (1.1.3)
    eventmachine (1.0.0)
    haml (3.1.7)
    parseconfig (1.0.2)
    rack (1.4.1)
    rack-protection (1.2.0)
      rack
    rack-test (0.6.2)
      rack (>= 1.0)
    rake (10.0.1)
    rcov (1.0.0)
    require_relative (1.0.3)
    rspec (2.12.0)
      rspec-core (~> 2.12.0)
      rspec-expectations (~> 2.12.0)
      rspec-mocks (~> 2.12.0)
    rspec-core (2.12.0)
    rspec-expectations (2.12.0)
      diff-lcs (~> 1.1.3)
    rspec-mocks (2.12.0)
    sinatra (1.3.3)
      rack (>= 1.3.6, ~> 1.3)
      rack-protection (~> 1.2)
      tilt (>= 1.3.3, ~> 1.3)
    sinatra-contrib (1.3.2)
      backports (>= 2.0)
      eventmachine
      rack-protection
      rack-test
      sinatra (~> 1.3.0)
      tilt (~> 1.3)
    tilt (1.3.3)
    tlsmail (0.0.1)

PLATFORMS
  ruby

DEPENDENCIES
  bcrypt-ruby
  haml
  parseconfig
  rake
  rcov
  require_relative
  rspec
  sinatra
  sinatra-contrib
  tlsmail
